PATH
  remote: .
  specs:
    cf_light_api (2.4.0)
      cfoundry (~> 4.7.1)
      graphite-api (~> 0.1.6)
      newrelic_rpm (~> 3.17.1)
      redis (~> 3.2.1)
      redlock (~> 0.1.1)
      rufus-scheduler (~> 3.0.9)
      sinatra (~> 1.4.5)

GEM
  remote: https://rubygems.org/
  specs:
    activemodel (4.2.10)
      activesupport (= 4.2.10)
      builder (~> 3.1)
    activesupport (4.2.10)
      i18n (~> 0.7)
      minitest (~> 5.1)
      thread_safe (~> 0.3, >= 0.3.4)
      tzinfo (~> 1.1)
    builder (3.2.3)
    cf-uaa-lib (2.0.1)
      multi_json
    cfoundry (4.7.1)
      activemodel (>= 3.2.13, < 5.0.0)
      cf-uaa-lib (~> 2.0.0)
      multi_json (~> 1.7)
      multipart-post (~> 1.1)
      rubyzip (~> 0.9)
    diff-lcs (1.3)
    dotenv (2.2.1)
    eventmachine (1.2.5)
    graphite-api (0.1.8)
      eventmachine (>= 0.3.3)
      zscheduler (>= 0.0.3)
    i18n (0.8.6)
    minitest (5.10.3)
    mock_redis (0.17.3)
    multi_json (1.12.2)
    multipart-post (1.2.0)
    newrelic_rpm (3.17.2.327)
    rack (1.6.8)
    rack-protection (1.5.3)
      rack
    rack-test (0.7.0)
      rack (>= 1.0, < 3)
    redis (3.2.2)
    redlock (0.1.8)
      redis (~> 3, >= 3.0.0)
    rspec (3.6.0)
      rspec-core (~> 3.6.0)
      rspec-expectations (~> 3.6.0)
      rspec-mocks (~> 3.6.0)
    rspec-core (3.6.0)
      rspec-support (~> 3.6.0)
    rspec-expectations (3.6.0)
      diff-lcs (>= 1.2.0, < 2.0)
      rspec-support (~> 3.6.0)
    rspec-mocks (3.6.0)
      diff-lcs (>= 1.2.0, < 2.0)
      rspec-support (~> 3.6.0)
    rspec-support (3.6.0)
    rubyzip (0.9.9)
    rufus-scheduler (3.0.9)
      tzinfo
    sinatra (1.4.8)
      rack (~> 1.5)
      rack-protection (~> 1.4)
      tilt (>= 1.3, < 3)
    thread_safe (0.3.6)
    tilt (2.0.8)
    tzinfo (1.2.3)
      thread_safe (~> 0.1)
    zscheduler (0.0.6)
      eventmachine

PLATFORMS
  ruby

DEPENDENCIES
  cf_light_api!
  dotenv (~> 2.2)
  mock_redis (~> 0.17.3)
  rack-test (~> 0.7.0)
  rspec (~> 3.6.0)

BUNDLED WITH
   1.15.4
